GEM
  remote: https://rubygems.org/
  specs:
    addressable (2.7.0)
      public_suffix (>= 2.0.2, < 5.0)
    bibtex-ruby (5.1.4)
      latex-decode (~> 0.0)
    cnccs (0.1.5)
    domain_name (0.5.20190701)
      unf (>= 0.0.5, < 1.0.0)
    faraday (1.0.1)
      multipart-post (>= 1.2, < 3)
    gb-agencies (0.0.6)
    http-cookie (1.0.3)
      domain_name (~> 0.5)
    iso639 (1.3.2)
    isoics (0.1.8)
    latex-decode (0.3.1)
    mini_portile2 (2.5.1)
    multipart-post (2.1.1)
    nokogiri (1.11.5)
      mini_portile2 (~> 2.5.0)
      racc (~> 1.4)
    osgeo-termbase (0.1.0)
      relaton (~> 0.5)
    public_suffix (4.0.5)
    racc (1.5.2)
    relaton (0.11.1)
      relaton-calconnect (~> 0.7.0)
      relaton-gb (~> 0.12.0)
      relaton-iec (~> 0.10.0)
      relaton-ietf (~> 0.12.0)
      relaton-iso (~> 0.12.0)
      relaton-itu (~> 0.9.0)
      relaton-nist (~> 0.9.0)
      relaton-ogc (~> 0.7.0)
      relaton-omg (~> 0.3.0)
      relaton-un (~> 0.2.0)
      relaton-w3c (~> 0.1.0)
    relaton-bib (0.9.2)
      addressable
      bibtex-ruby
      iso639
      nokogiri
    relaton-calconnect (0.7.0)
      faraday
      relaton-iso-bib (~> 0.9.0)
    relaton-gb (0.12.0)
      cnccs (~> 0.1.1)
      gb-agencies (~> 0.0.1)
      relaton-iso-bib (~> 0.9.0)
    relaton-iec (0.10.0)
      addressable
      relaton-iso-bib (~> 0.9.0)
    relaton-ietf (0.12.1)
      relaton-bib (~> 0.9.0)
    relaton-iso (0.12.1)
      relaton-iec (~> 0.10.0)
      relaton-iso-bib (~> 0.9.0)
    relaton-iso-bib (0.9.2)
      isoics (~> 0.1.6)
      relaton-bib (~> 0.9.0)
    relaton-itu (0.9.0)
      relaton-iso-bib (~> 0.9.0)
    relaton-nist (0.9.1)
      relaton-bib (~> 0.9.0)
      rubyzip
    relaton-ogc (0.7.3)
      faraday (~> 1.0.0)
      relaton-iso-bib (>= 0.9.1)
    relaton-omg (0.3.0)
      relaton-bib (~> 0.9.0)
    relaton-un (0.2.1)
      faraday
      http-cookie
      relaton-iso-bib (>= 0.9.2)
      unf_ext (>= 0.0.7.7)
    relaton-w3c (0.1.0)
      relaton-bib (>= 0.9.2)
    rubyzip (2.3.0)
    unf (0.1.4)
      unf_ext
    unf_ext (0.0.7.7)

PLATFORMS
  ruby

DEPENDENCIES
  osgeo-termbase (~> 0.1.0)

BUNDLED WITH
   2.1.4
